GEM
  remote: http://rubygems.org/
  specs:
    builder (3.2.2)
    httparty (0.11.0)
      multi_json (~> 1.0)
      multi_xml (>= 0.5.2)
    multi_json (1.7.7)
    multi_xml (0.5.4)
    rack (1.5.2)
    rack-protection (1.5.0)
      rack
    sinatra (1.4.3)
      rack (~> 1.4)
      rack-protection (~> 1.4)
      tilt (~> 1.3, >= 1.3.4)
    slim (2.0.0)
      temple (~> 0.6.5)
      tilt (~> 1.3, >= 1.3.3)
    temple (0.6.5)
    tilt (1.4.1)
    twilio (3.1.1)
      builder (>= 2.1.2)
      httparty (>= 0.8)

PLATFORMS
  x86-mingw32

DEPENDENCIES
  sinatra (~> 1.4.3)
  slim (~> 2.0.0)
  twilio (~> 3.1.1)
